PATH
  remote: .
  specs:
    bmi_calculator (0.1.0)

GEM
  remote: https://rubygems.org/
  specs:
    rake (13.2.1)

PLATFORMS
  ruby
  x86_64-linux

DEPENDENCIES
  bmi_calculator!
  rake (~> 13.0)

BUNDLED WITH
   2.5.22
